PATH
  remote: .
  specs:
    forex_client (0.1.0)

GEM
  remote: https://rubygems.org/
  specs:
    coderay (1.1.2)
    faraday (1.0.0)
      multipart-post (>= 1.2, < 3)
    json (2.3.0)
    method_source (0.9.2)
    minitest (5.13.0)
    multipart-post (2.1.1)
    pry (0.12.2)
      coderay (~> 1.1.0)
      method_source (~> 0.9.0)
    rake (12.3.2)

PLATFORMS
  x64-mingw32

DEPENDENCIES
  bundler (~> 2.1)
  faraday
  forex_client!
  json
  minitest (~> 5.0)
  pry
  rake (~> 12.0)

BUNDLED WITH
   2.1.2
